GEM
  remote: https://rubygems.org/
  specs:
    activesupport (7.0.4.1)
      concurrent-ruby (~> 1.0, >= 1.0.2)
      i18n (>= 1.6, < 2)
      minitest (>= 5.1)
      tzinfo (~> 2.0)
    ast (2.4.0)
    backports (3.11.4)
    concurrent-ruby (1.1.10)
    ddmetrics (1.0.1)
    ddplugin (1.0.2)
    dotenv (2.5.0)
    excon (0.62.0)
    google-id-token (1.4.2)
      jwt (>= 1)
    i18n (1.12.0)
      concurrent-ruby (~> 1.0)
    jaro_winkler (1.5.1)
    json (2.1.0)
    jwt (2.1.0)
    minitest (5.17.0)
    multi_json (1.13.1)
    mustermann (1.0.3)
    parallel (1.12.1)
    parser (2.5.1.2)
      ast (~> 2.4.0)
    powerpack (0.1.2)
    puma (3.12.0)
    rack (2.0.5)
    rack-cors (1.0.2)
    rack-protection (2.0.4)
      rack
    rainbow (3.0.0)
    rubocop (0.59.2)
      jaro_winkler (~> 1.5.1)
      parallel (~> 1.10)
      parser (>= 2.5, != 2.5.1.1)
      powerpack (~> 0.1)
      rainbow (>= 2.2.2, < 4.0)
      ruby-progressbar (~> 1.7)
      unicode-display_width (~> 1.0, >= 1.0.1)
    ruby-progressbar (1.10.0)
    sequel (5.13.0)
    sinatra (2.0.4)
      mustermann (~> 1.0)
      rack (~> 2.0)
      rack-protection (= 2.0.4)
      tilt (~> 2.0)
    sinatra-contrib (2.0.4)
      activesupport (>= 4.0.0)
      backports (>= 2.8.2)
      multi_json
      mustermann (~> 1.0)
      rack-protection (= 2.0.4)
      sinatra (= 2.0.4)
      tilt (>= 1.3, < 3)
    slow_enumerator_tools (1.1.0)
    sqlite3 (1.3.13)
    taglib-ruby (0.7.1)
    tilt (2.0.8)
    tzinfo (2.0.5)
      concurrent-ruby (~> 1.0)
    unicode-display_width (1.4.0)

PLATFORMS
  ruby

DEPENDENCIES
  ddmetrics
  ddplugin (~> 1.0, >= 1.0.2)
  dotenv
  excon
  google-id-token
  json
  puma
  rack-cors
  rubocop
  sequel
  sinatra
  sinatra-contrib
  slow_enumerator_tools
  sqlite3
  taglib-ruby

BUNDLED WITH
   1.16.6
